FRAMEWORK: NET45
NUGET
  remote: https://nuget.org/api/v2
  specs:
    FAKE (4.10.3)
    FSharp.Core (4.0.0.1)
    FSharp.Data (2.2.5)
    FsUnit (1.4.1)
      FSharp.Core (>= 3.1.2.5)
      NUnit (2.6.4)
    NUnit (2.6.4)
    NUnit.Runners (2.6.4)
